GEM
  remote: http://rubygems.org/
  specs:
    abstract (1.0.0)
    actionmailer (3.0.0.rc2)
      actionpack (= 3.0.0.rc2)
      mail (~> 2.2.5)
    actionpack (3.0.0.rc2)
      activemodel (= 3.0.0.rc2)
      activesupport (= 3.0.0.rc2)
      builder (~> 2.1.2)
      erubis (~> 2.6.6)
      i18n (~> 0.4.1)
      rack (~> 1.2.1)
      rack-mount (~> 0.6.12)
      rack-test (~> 0.5.4)
      tzinfo (~> 0.3.23)
    activemodel (3.0.0.rc2)
      activesupport (= 3.0.0.rc2)
      builder (~> 2.1.2)
      i18n (~> 0.4.1)
    activerecord (3.0.0.rc2)
      activemodel (= 3.0.0.rc2)
      activesupport (= 3.0.0.rc2)
      arel (~> 1.0.0.rc1)
      tzinfo (~> 0.3.23)
    activeresource (3.0.0.rc2)
      activemodel (= 3.0.0.rc2)
      activesupport (= 3.0.0.rc2)
    activesupport (3.0.0.rc2)
    arel (1.0.0.rc1)
      activesupport (>= 3.0.0.beta)
    builder (2.1.2)
    capistrano (2.5.19)
      highline
      net-scp (>= 1.0.0)
      net-sftp (>= 2.0.0)
      net-ssh (>= 2.0.14)
      net-ssh-gateway (>= 1.0.0)
    capistrano-ext (1.2.1)
      capistrano (>= 1.0.0)
    columnize (0.3.1)
    erubis (2.6.6)
      abstract (>= 1.0.0)
    factory_girl (1.3.2)
    factory_girl_rails (1.0)
      factory_girl (~> 1.3)
      rails (>= 3.0.0.beta4)
    formtastic-rails3 (0.9.10.1)
      actionpack (>= 3.0.0beta3)
      activesupport (>= 3.0.0beta3)
    haml (3.0.17)
    highline (1.6.1)
    i18n (0.4.1)
    linecache (0.43)
    mail (2.2.5)
      activesupport (>= 2.3.6)
      mime-types
      treetop (>= 1.4.5)
    mime-types (1.16)
    net-scp (1.0.3)
      net-ssh (>= 1.99.1)
    net-sftp (2.0.5)
      net-ssh (>= 2.0.9)
    net-ssh (2.0.23)
    net-ssh-gateway (1.0.1)
      net-ssh (>= 1.99.1)
    nokogiri (1.4.3.1)
    polyglot (0.3.1)
    rack (1.2.1)
    rack-mount (0.6.12)
      rack (>= 1.0.0)
    rack-test (0.5.4)
      rack (>= 1.0)
    rails (3.0.0.rc2)
      actionmailer (= 3.0.0.rc2)
      actionpack (= 3.0.0.rc2)
      activerecord (= 3.0.0.rc2)
      activeresource (= 3.0.0.rc2)
      activesupport (= 3.0.0.rc2)
      bundler (>= 1.0.0.rc.6)
      railties (= 3.0.0.rc2)
    railties (3.0.0.rc2)
      actionpack (= 3.0.0.rc2)
      activesupport (= 3.0.0.rc2)
      rake (>= 0.8.3)
      thor (~> 0.14.0)
    rake (0.8.7)
    ruby-debug (0.10.3)
      columnize (>= 0.1)
      ruby-debug-base (~> 0.10.3.0)
    ruby-debug-base (0.10.3)
      linecache (>= 0.3)
    shoulda (2.11.3)
    sqlite3-ruby (1.2.5)
    thor (0.14.0)
    treetop (1.4.5)
      polyglot (>= 0.3.1)
    tzinfo (0.3.23)
    webrat (0.5.3)
      nokogiri (>= 1.2.0)
      rack (>= 1.0)

PLATFORMS
  ruby

DEPENDENCIES
  capistrano
  capistrano-ext
  factory_girl_rails
  formtastic-rails3
  haml
  rails (= 3.0.0.rc2)
  ruby-debug
  shoulda
  sqlite3-ruby
  webrat
